GEM
  remote: https://rubygems.org/
  specs:
    httparty (0.16.2)
      multi_xml (>= 0.5.2)
    multi_xml (0.6.0)
    mustermann (1.0.2)
    rack (2.0.5)
    rack-protection (2.0.3)
      rack
    sinatra (2.0.3)
      mustermann (~> 1.0)
      rack (~> 2.0)
      rack-protection (= 2.0.3)
      tilt (~> 2.0)
    tilt (2.0.8)

PLATFORMS
  ruby
  x64-mingw32

DEPENDENCIES
  httparty
  sinatra

BUNDLED WITH
   1.17.0.pre.1
